GEM
  remote: https://rubygems.org/
  specs:
    chronic_duration (0.10.2)
      numerizer (~> 0.1.1)
    diff-lcs (1.2.4)
    moneta (0.7.20)
    numerizer (0.1.1)
    rack (1.5.2)
    rack-protection (1.5.1)
      rack
    rack-test (0.6.2)
      rack (>= 1.0)
    redis (3.0.5)
    rspec (2.14.1)
      rspec-core (~> 2.14.0)
      rspec-expectations (~> 2.14.0)
      rspec-mocks (~> 2.14.0)
    rspec-core (2.14.7)
    rspec-expectations (2.14.3)
      diff-lcs (>= 1.1.3, < 2.0)
    rspec-mocks (2.14.4)
    sinatra (1.4.4)
      rack (~> 1.4)
      rack-protection (~> 1.4)
      tilt (~> 1.3, >= 1.3.4)
    tilt (1.4.1)
    timecop (0.6.3)

PLATFORMS
  ruby

DEPENDENCIES
  chronic_duration
  moneta
  rack-test
  redis
  rspec
  sinatra
  timecop
